PATH
  remote: .
  specs:
    encrypted_settings (0.0.2)

GEM
  remote: https://rubygems.org/
  specs:
    coderay (1.1.0)
    method_source (0.8.2)
    pry (0.10.3)
      coderay (~> 1.1.0)
      method_source (~> 0.8.1)
      slop (~> 3.4)
    rake (13.0.1)
    slop (3.6.0)

PLATFORMS
  ruby

DEPENDENCIES
  bundler
  encrypted_settings!
  pry
  rake

BUNDLED WITH
   1.17.2
